GIT
  remote: git://github.com/couchrest/couchrest_model.git
  revision: 83b70ec0808d8f189556e6e98cd170794e55a6d6
  specs:
    couchrest_model (1.0.0)
      activemodel (~> 3.0.0)
      couchrest (~> 1.0.1)
      mime-types (~> 1.15)
      railties (~> 3.0.0)
      tzinfo (~> 0.3.22)

GEM
  remote: http://rubygems.org/
  specs:
    ZenTest (4.4.2)
    abstract (1.0.0)
    actionmailer (3.0.3)
      actionpack (= 3.0.3)
      mail (~> 2.2.9)
    actionpack (3.0.3)
      activemodel (= 3.0.3)
      activesupport (= 3.0.3)
      builder (~> 2.1.2)
      erubis (~> 2.6.6)
      i18n (~> 0.4)
      rack (~> 1.2.1)
      rack-mount (~> 0.6.13)
      rack-test (~> 0.5.6)
      tzinfo (~> 0.3.23)
    activemodel (3.0.3)
      activesupport (= 3.0.3)
      builder (~> 2.1.2)
      i18n (~> 0.4)
    activerecord (3.0.3)
      activemodel (= 3.0.3)
      activesupport (= 3.0.3)
      arel (~> 2.0.2)
      tzinfo (~> 0.3.23)
    activeresource (3.0.3)
      activemodel (= 3.0.3)
      activesupport (= 3.0.3)
    activesupport (3.0.3)
    addressable (2.2.3)
    arel (2.0.7)
    arrayextension (0.2.0)
    autotest (4.4.6)
      ZenTest (>= 4.4.1)
    autotest-rails (4.1.0)
      ZenTest
    builder (2.1.2)
    capybara (0.4.0)
      celerity (>= 0.7.9)
      culerity (>= 0.2.4)
      mime-types (>= 1.16)
      nokogiri (>= 1.3.3)
      rack (>= 1.0.0)
      rack-test (>= 0.5.4)
      selenium-webdriver (>= 0.0.27)
      xpath (~> 0.1.2)
    celerity (0.8.7)
    childprocess (0.1.6)
      ffi (~> 0.6.3)
    configloader (0.2.2)
    configuration (1.2.0)
    couchrest (1.0.1)
      json (>= 1.4.6)
      mime-types (>= 1.15)
      rest-client (>= 1.5.1)
    culerity (0.2.14)
    diff-lcs (1.1.2)
    digest-crc (0.1.0)
    erubis (2.6.6)
      abstract (>= 1.0.0)
    faraday (0.5.4)
      addressable (~> 2.2.2)
      multipart-post (~> 1.1.0)
      rack (>= 1.1.0, < 2)
    faraday_middleware (0.3.1)
      faraday (~> 0.5.3)
    ffi (0.6.3)
      rake (>= 0.8.7)
    haml (3.0.25)
    haml-rails (0.3.4)
      actionpack (~> 3.0)
      activesupport (~> 3.0)
      haml (~> 3.0)
      railties (~> 3.0)
    hashie (0.4.0)
    i18n (0.5.0)
    inploy (1.9)
    jquery-rails (0.1.3)
      rails (~> 3.0.0)
    json (1.4.6)
    json_pure (1.4.6)
    launchy (0.3.7)
      configuration (>= 0.0.5)
      rake (>= 0.8.1)
    mail (2.2.14)
      activesupport (>= 2.3.6)
      i18n (>= 0.4.0)
      mime-types (~> 1.16)
      treetop (~> 1.4.8)
    mime-types (1.16)
    multi_json (0.0.5)
    multi_xml (0.2.0)
    multipart-post (1.1.0)
    newrelic_rpm (2.13.4)
    nokogiri (1.4.4)
    polyglot (0.3.1)
    rack (1.2.1)
    rack-mount (0.6.13)
      rack (>= 1.0.0)
    rack-test (0.5.7)
      rack (>= 1.0)
    rails (3.0.3)
      actionmailer (= 3.0.3)
      actionpack (= 3.0.3)
      activerecord (= 3.0.3)
      activeresource (= 3.0.3)
      activesupport (= 3.0.3)
      bundler (~> 1.0)
      railties (= 3.0.3)
    railties (3.0.3)
      actionpack (= 3.0.3)
      activesupport (= 3.0.3)
      rake (>= 0.8.7)
      thor (~> 0.14.4)
    rake (0.8.7)
    rest-client (1.6.1)
      mime-types (>= 1.16)
    rspec (2.4.0)
      rspec-core (~> 2.4.0)
      rspec-expectations (~> 2.4.0)
      rspec-mocks (~> 2.4.0)
    rspec-core (2.4.0)
    rspec-expectations (2.4.0)
      diff-lcs (~> 1.1.2)
    rspec-mocks (2.4.0)
    rspec-rails (2.4.1)
      actionpack (~> 3.0)
      activesupport (~> 3.0)
      railties (~> 3.0)
      rspec (~> 2.4.0)
    rubyzip (0.9.4)
    selenium-webdriver (0.1.2)
      childprocess (~> 0.1.5)
      ffi (~> 0.6.3)
      json_pure
      rubyzip
    simple_form (1.3.0)
      rails (~> 3.0.0)
    simple_oauth (0.1.3)
    steak (1.1.0)
      rspec (>= 1.3)
    syntax (1.0.0)
    thor (0.14.6)
    treetop (1.4.9)
      polyglot (>= 0.3.1)
    twitter (1.1.1)
      faraday (~> 0.5.4)
      faraday_middleware (~> 0.3.1)
      hashie (~> 0.4.0)
      multi_json (~> 0.0.5)
      multi_xml (~> 0.2.0)
      simple_oauth (~> 0.1.3)
    tzinfo (0.3.24)
    xpath (0.1.3)
      nokogiri (~> 1.3)

PLATFORMS
  ruby

DEPENDENCIES
  arrayextension
  autotest
  autotest-rails
  capybara
  configloader (~> 0.2.2)
  couchrest_model!
  digest-crc
  haml (~> 3.0.21)
  haml-rails (~> 0.2)
  inploy
  jquery-rails (~> 0.1.3)
  json (~> 1.4.6)
  json_pure (~> 1.4.6)
  launchy
  newrelic_rpm
  rails (= 3.0.3)
  rspec-rails (>= 2.0.0.beta.22)
  simple_form
  steak (>= 1.0.0.rc.1)
  syntax
  twitter
